GIT
  remote: git://github.com/nirnanaaa/gollum_rails.git
  revision: ee5b85fd48e2021d61cb01deb13bfb6263ebacd0
  specs:
    gollum_rails (1.5.8)
      activemodel (>= 3.2.11)
      activesupport (>= 3.2.11)
      gollum-lib (~> 2.0.0)

GEM
  remote: https://rubygems.org/
  specs:
    activemodel (4.0.3)
      activesupport (= 4.0.3)
      builder (~> 3.1.0)
    activesupport (4.0.3)
      i18n (~> 0.6, >= 0.6.4)
      minitest (~> 4.2)
      multi_json (~> 1.3)
      thread_safe (~> 0.1)
      tzinfo (~> 0.3.37)
    atomic (1.1.15)
    builder (3.1.4)
    charlock_holmes (0.6.9.4)
    diff-lcs (1.2.5)
    github-markdown (0.6.4)
    github-markup (0.7.5)
    gitlab-grit (2.6.0)
      charlock_holmes (~> 0.6.9)
      diff-lcs (~> 1.1)
      mime-types (~> 1.15)
      posix-spawn (~> 0.3.6)
    gollum-lib (2.0.0)
      github-markup (>= 0.7.5, < 1.0.0)
      gitlab-grit (= 2.6.0)
      nokogiri (~> 1.6.0)
      rouge (~> 1.3.1)
      sanitize (~> 2.0.6)
      stringex (~> 2.1.0)
    i18n (0.6.9)
    mime-types (1.25.1)
    mini_portile (0.5.2)
    minitest (4.7.5)
    multi_json (1.8.4)
    nokogiri (1.6.1)
      mini_portile (~> 0.5.0)
    posix-spawn (0.3.8)
    rouge (1.3.2)
    sanitize (2.0.6)
      nokogiri (>= 1.4.4)
    stringex (2.1.2)
    thread_safe (0.2.0)
      atomic (>= 1.1.7, < 2)
    tzinfo (0.3.38)

PLATFORMS
  ruby

DEPENDENCIES
  github-markdown
  gollum_rails!
