GIT
  remote: git://github.com/Corscience/gollum_rails.git
  revision: fa541250628d75f98d2e81a76c673bc38988cc69
  specs:
    gollum_rails (1.6.0)
      activemodel (>= 3.2.11)
      activesupport (>= 3.2.11)
      gollum-lib (~> 3.0.0)
      rugged

GEM
  remote: https://rubygems.org/
  specs:
    activemodel (4.1.4)
      activesupport (= 4.1.4)
      builder (~> 3.1)
    activesupport (4.1.4)
      i18n (~> 0.6, >= 0.6.9)
      json (~> 1.7, >= 1.7.7)
      minitest (~> 5.1)
      thread_safe (~> 0.1)
      tzinfo (~> 1.1)
    builder (3.2.2)
    charlock_holmes (0.7.3)
    diff-lcs (1.2.5)
    github-markdown (0.6.4)
    github-markup (1.1.2)
      posix-spawn (~> 0.3.8)
    gitlab-grit (2.6.10)
      charlock_holmes (~> 0.6)
      diff-lcs (~> 1.1)
      mime-types (~> 1.15)
      posix-spawn (~> 0.3)
    gollum-lib (3.0.0)
      github-markup (~> 1.1.0)
      gitlab-grit (~> 2.6.5)
      nokogiri (~> 1.6.1)
      rouge (~> 1.3.3)
      sanitize (~> 2.1.0)
      stringex (~> 2.5.1)
    i18n (0.6.11)
    json (1.8.1)
    kramdown (1.4.1)
    mime-types (1.25.1)
    mini_portile (0.6.0)
    minitest (5.4.0)
    nokogiri (1.6.3.1)
      mini_portile (= 0.6.0)
    posix-spawn (0.3.8)
    pundit (0.3.0)
      activesupport (>= 3.0.0)
    rouge (1.3.4)
    rugged (0.21.0)
    sanitize (2.1.0)
      nokogiri (>= 1.4.4)
    stringex (2.5.2)
    thread_safe (0.3.4)
    tzinfo (1.2.1)
      thread_safe (~> 0.1)

PLATFORMS
  ruby

DEPENDENCIES
  github-markdown
  gollum_rails!
  kramdown
  pundit
